GEM
  remote: https://rubygems.org/
  specs:
    faraday (0.17.0)
      multipart-post (>= 1.2, < 3)
    jwt (2.2.1)
    mini_portile2 (2.5.1)
    multipart-post (2.1.1)
    mustermann (1.0.3)
    nokogiri (1.11.5)
      mini_portile2 (~> 2.5.0)
      racc (~> 1.4)
    racc (1.5.2)
    rack (2.0.7)
    rack-protection (2.0.7)
      rack
    sinatra (2.0.7)
      mustermann (~> 1.0)
      rack (~> 2.0)
      rack-protection (= 2.0.7)
      tilt (~> 2.0)
    tilt (2.0.10)
    twilio-ruby (5.27.1)
      faraday (~> 0.9)
      jwt (>= 1.5, <= 2.5)
      nokogiri (>= 1.6, < 2.0)

PLATFORMS
  ruby

DEPENDENCIES
  sinatra
  twilio-ruby

BUNDLED WITH
   1.17.3
